GEM
  remote: http://rubygems.org/
  specs:
    RedCloth (4.2.9)
    albino (1.3.3)
      posix-spawn (>= 0.3.6)
    builder (3.2.4)
    chunky_png (1.4.0)
    classifier (1.3.5)
      fast-stemmer (~> 1.0.0)
      mathn
      rake
    compass (0.12.7)
      chunky_png (~> 1.2)
      fssm (>= 0.2.7)
      sass (~> 3.2.19)
    directory_watcher (1.5.1)
    fast-stemmer (1.0.2)
    flickraw (0.9.10)
    fssm (0.2.10)
    haml (3.1.8)
    jekyll (0.11.2)
      albino (~> 1.3)
      classifier (~> 1.3)
      directory_watcher (~> 1.1)
      kramdown (~> 0.13)
      liquid (~> 2.3)
      maruku (~> 0.5)
    kramdown (0.14.2)
    liquid (2.3.0)
    maruku (0.7.3)
    mathn (0.1.0)
    persistent_memoize (0.0.1)
    posix-spawn (0.3.15)
    pygments.rb (2.2.0)
    rack (1.6.13)
    rack-protection (1.5.5)
      rack
    rake (13.0.6)
    rb-fsevent (0.11.0)
    rdiscount (2.2.0.2)
    rubypants (0.2.0)
    sass (3.2.19)
    sass-globbing (1.0.0)
      sass (>= 3.1)
    sinatra (1.4.8)
      rack (~> 1.5)
      rack-protection (~> 1.4)
      tilt (>= 1.3, < 3)
    stringex (1.4.0)
    tilt (2.0.10)
    webrick (1.7.0)
    yajl-ruby (1.4.1)

PLATFORMS
  x86_64-darwin-20

DEPENDENCIES
  RedCloth (~> 4.2.9)
  builder (> 2.0.0)
  compass (~> 0.12.2)
  flickraw
  haml (~> 3.1.7)
  jekyll
  liquid (~> 2.3.0)
  persistent_memoize
  pygments.rb
  rake
  rb-fsevent (~> 0.9)
  rdiscount
  rubypants (~> 0.2.0)
  sass-globbing (~> 1.0.0)
  sinatra (~> 1.4.2)
  stringex (~> 1.4.0)
  webrick (~> 1.7)
  yajl-ruby (~> 1.1)

BUNDLED WITH
   2.2.31
